GIT
  remote: git@github.com:Nakilon/nethttputils.git
  revision: 6c5d1615ddb2a70b6edc897241abd9e63aebaa20
  tag: v0.0.7.0
  specs:
    nethttputils (0.0.7.0)

GEM
  remote: https://rubygems.org/
  specs:
    json (2.1.0)

PLATFORMS
  ruby

DEPENDENCIES
  json
  nethttputils!

BUNDLED WITH
   1.16.0
