GIT
  remote: git@github.com:Nakilon/nethttputils.git
  revision: 620051619245a3b0b00447817831c6fb676d3df7
  tag: v0.1.2.0
  specs:
    nethttputils (0.1.2.0)

GEM
  remote: https://rubygems.org/
  specs:
    json (2.1.0)
    minitest (5.11.1)

PLATFORMS
  ruby

DEPENDENCIES
  json
  minitest
  nethttputils!

BUNDLED WITH
   1.16.1
