GIT
  remote: git@github.com:Nakilon/nethttputils.git
  revision: 547dae5f3c6c893424b30498efa442e4d268b1b4
  tag: v0.1.0.0
  specs:
    nethttputils (0.1.0.0)

GEM
  remote: https://rubygems.org/
  specs:
    json (2.1.0)
    minitest (5.11.1)

PLATFORMS
  ruby

DEPENDENCIES
  json
  minitest
  nethttputils!

BUNDLED WITH
   1.16.0
