GIT
  remote: git@github.com:Nakilon/nethttputils.git
  revision: 9fe0f76a92f80e7b5b4b5e446bb82dc351f086b7
  tag: v0.1.0.3
  specs:
    nethttputils (0.1.0.3)

GEM
  remote: https://rubygems.org/
  specs:
    json (2.1.0)
    minitest (5.11.1)

PLATFORMS
  ruby

DEPENDENCIES
  json
  minitest
  nethttputils!

BUNDLED WITH
   1.16.0
